PATH
  remote: .
  specs:
    p8_pusher (0.1.1)
      commander (~> 4.5)
      json (~> 2.3)
      jwt (~> 2.2)
      net-http2 (~> 0.18.2)

GEM
  remote: https://rubygems.org/
  specs:
    commander (4.5.2)
      highline (~> 2.0.0)
    diff-lcs (1.4.4)
    docile (1.3.2)
    highline (2.0.3)
    http-2 (0.10.2)
    json (2.3.1)
    jwt (2.2.2)
    net-http2 (0.18.2)
      http-2 (~> 0.10.1)
    rake (12.3.3)
    rspec (3.9.0)
      rspec-core (~> 3.9.0)
      rspec-expectations (~> 3.9.0)
      rspec-mocks (~> 3.9.0)
    rspec-core (3.9.2)
      rspec-support (~> 3.9.3)
    rspec-expectations (3.9.2)
      diff-lcs (>= 1.2.0, < 2.0)
      rspec-support (~> 3.9.0)
    rspec-mocks (3.9.1)
      diff-lcs (>= 1.2.0, < 2.0)
      rspec-support (~> 3.9.0)
    rspec-support (3.9.3)
    simplecov (0.17.1)
      docile (~> 1.1)
      json (>= 1.8, < 3)
      simplecov-html (~> 0.10.0)
    simplecov-html (0.10.2)

PLATFORMS
  ruby

DEPENDENCIES
  p8_pusher!
  rake (~> 12.0)
  rspec (~> 3.9)
  simplecov (~> 0.17.1)

BUNDLED WITH
   2.1.4
